PATH
  remote: .
  specs:
    rubygems-await (0.5.4)
      bundler (>= 2.2)

GEM
  remote: https://rubygems.org/
  specs:
    addressable (2.8.7)
      public_suffix (>= 2.0.2, < 7.0)
    ast (2.4.2)
    base64 (0.2.0)
    bigdecimal (3.1.8)
    bigdecimal (3.1.8-java)
    crack (1.0.0)
      bigdecimal
      rexml
    hashdiff (1.1.2)
    json (2.8.2)
    json (2.8.2-java)
    language_server-protocol (3.17.0.3)
    parallel (1.26.3)
    parallel_tests (4.3.0)
      parallel
    parser (3.3.6.0)
      ast (~> 2.4.1)
      racc
    power_assert (2.0.3)
    public_suffix (6.0.1)
    racc (1.8.1)
    racc (1.8.1-java)
    rainbow (3.1.1)
    rake (13.2.1)
    regexp_parser (2.9.2)
    rexml (3.3.9)
    rubocop (1.68.0)
      json (~> 2.3)
      language_server-protocol (>= 3.17.0)
      parallel (~> 1.10)
      parser (>= 3.3.0.2)
      rainbow (>= 2.2.2, < 4.0)
      regexp_parser (>= 2.4, < 3.0)
      rubocop-ast (>= 1.32.2, < 2.0)
      ruby-progressbar (~> 1.7)
      unicode-display_width (>= 2.4.0, < 3.0)
    rubocop-ast (1.36.1)
      parser (>= 3.3.1.0)
    rubocop-rake (0.6.0)
      rubocop (~> 1.0)
    ruby-progressbar (1.13.0)
    test-unit (3.6.1)
      power_assert
    unicode-display_width (2.6.0)
    vcr (6.3.1)
      base64
    webmock (3.24.0)
      addressable (>= 2.8.0)
      crack (>= 0.3.2)
      hashdiff (>= 0.4.0, < 2.0.0)

PLATFORMS
  aarch64-darwin
  arm64-darwin
  arm64-linux
  java
  x86-linux
  x86_64-linux

DEPENDENCIES
  parallel_tests (~> 4.3)
  rake (~> 13.0)
  rubocop (~> 1.21)
  rubocop-rake (~> 0.6.0)
  rubygems-await!
  test-unit (~> 3.0)
  vcr (~> 6.2)
  webmock (~> 3.19)
